PATH
  remote: .
  specs:
    heimdall (0.0.1)

GEM
  remote: https://rubygems.org/
  specs:
    rake (10.3.2)

PLATFORMS
  java
  ruby

DEPENDENCIES
  heimdall!
  rake (= 10.3.2)
